GIT
  remote: https://github.com/alovak/test_xml
  revision: aeeace684dcaf1a7ae421adb89d9507a4c12e195
  specs:
    test_xml (0.1.7)
      diffy (~> 3.0)
      nokogiri (>= 1.3.2)

GIT
  remote: https://github.com/sshaw/jaxb2ruby
  revision: 3768212fe179cc57d1ea6b920d649aa635533d41
  specs:
    jaxb2ruby (0.0.1-java)
      activesupport (>= 3.2)
      cocaine (~> 0.5.4)

PATH
  remote: .
  specs:
    ddex (0.0.1)
      activesupport (>= 3.0)
      nokogiri
      roxml

GEM
  remote: http://rubygems.org/
  specs:
    activesupport (4.2.1)
      i18n (~> 0.7)
      json (~> 1.7, >= 1.7.7)
      minitest (~> 5.1)
      thread_safe (~> 0.3, >= 0.3.4)
      tzinfo (~> 1.1)
    climate_control (0.0.3)
      activesupport (>= 3.0)
    cocaine (0.5.7)
      climate_control (>= 0.0.3, < 1.0)
    diff-lcs (1.2.5)
    diffy (3.0.7)
    i18n (0.7.0)
    json (1.8.2-java)
    minitest (5.6.1)
    nokogiri (1.6.6.2-java)
    rake (10.4.2)
    roxml (3.3.1)
      activesupport (>= 2.3.0)
      nokogiri (>= 1.3.3)
    rspec (2.99.0)
      rspec-core (~> 2.99.0)
      rspec-expectations (~> 2.99.0)
      rspec-mocks (~> 2.99.0)
    rspec-core (2.99.2)
    rspec-expectations (2.99.2)
      diff-lcs (>= 1.1.3, < 2.0)
    rspec-mocks (2.99.3)
    thread_safe (0.3.5-java)
    tzinfo (1.2.2)
      thread_safe (~> 0.1)

PLATFORMS
  java

DEPENDENCIES
  bundler (~> 1.3)
  ddex!
  jaxb2ruby!
  rake
  rspec (~> 2.9)
  test_xml!
